GEM
  remote: https://rubygems.org/
  specs:
    byebug (12.0.0)

PLATFORMS
  aarch64-linux
  ruby

DEPENDENCIES
  byebug

BUNDLED WITH
   2.6.9
