GEM
  remote: https://rubygems.org/
  specs:
    byebug (12.0.0)
    caxlsx (4.4.0)
      htmlentities (~> 4.3, >= 4.3.4)
      marcel (~> 1.0)
      nokogiri (~> 1.10, >= 1.10.4)
      rubyzip (>= 2.4, < 4)
    htmlentities (4.3.4)
    marcel (1.1.0)
    nokogiri (1.18.10-aarch64-linux-gnu)
      racc (~> 1.4)
    racc (1.8.1)
    rubyzip (3.2.0)

PLATFORMS
  aarch64-linux

DEPENDENCIES
  byebug
  caxlsx

BUNDLED WITH
   2.6.9
